PATH
  remote: .
  specs:

PATH
  remote: lita-doubler
  specs:
    lita-doubler (0.1.0)
      lita

PATH
  remote: lita-good
  specs:
    lita-good (0.1.0)
      lita

PATH
  remote: lita-translator
  specs:
    lita-translator (0.1.0)
      lita (>= 4.8)

PATH
  remote: lita-weather
  specs:
    lita-weather (0.1.0)
      lita (>= 4.8)

PATH
  remote: lita-what
  specs:
    lita-what (0.1.0)
      lita (>= 4.8)

PATH
  remote: lita-wiki
  specs:
    lita-wiki (0.1.0)
      lita (>= 4.8)

GEM
  remote: https://rubygems.org/
  specs:
    cinch (2.3.4)
    concurrent-ruby (1.1.7)
    faraday (1.1.0)
      multipart-post (>= 1.2, < 3)
      ruby2_keywords
    http_router (0.11.2)
      rack (>= 1.0.0)
      url_mount (~> 0.2.1)
    i18n (1.8.5)
      concurrent-ruby (~> 1.0)
    ice_nine (0.11.2)
    lita (4.8.0)
      bundler (>= 2.0)
      faraday (>= 1.0)
      http_router (>= 0.11)
      i18n (>= 1.8)
      ice_nine (>= 0.11)
      multi_json (>= 1.15)
      puma (>= 4.3)
      rack (>= 2.2)
      rb-readline (>= 0.5)
      redis-namespace (>= 1.7)
      thor (>= 1.0)
    lita-irc (2.2.0)
      cinch (>= 2.0)
      lita (>= 4.0)
    mini_portile2 (2.4.0)
    multi_json (1.15.0)
    multipart-post (2.1.1)
    nio4r (2.5.4)
    nokogiri (1.10.10)
      mini_portile2 (~> 2.4.0)
    puma (5.1.1)
      nio4r (~> 2.0)
    rack (2.2.3)
    rb-readline (0.5.5)
    redis (4.2.5)
    redis-namespace (1.8.0)
      redis (>= 3.0.4)
    ruby2_keywords (0.0.2)
    thor (1.0.1)
    url_mount (0.2.1)
      rack

PLATFORMS
  ruby
  x86_64-linux

DEPENDENCIES
  lita
  lita-doubler!
  lita-good!
  lita-irc
  lita-translator!
  lita-weather!
  lita-what!
  lita-wiki!
  nokogiri

BUNDLED WITH
   2.2.0
